GEM
  remote: http://rubygems.org/
  specs:
    dropbox-sdk (1.6.3)
      json
    json (1.8.1)

PLATFORMS
  ruby

DEPENDENCIES
  dropbox-sdk
